PATH
  remote: .
  specs:
    girocode (0.2.0)
      iban-tools
      rqrcode

GEM
  remote: https://rubygems.org/
  specs:
    chunky_png (1.4.0)
    docile (1.4.1)
    iban-tools (1.2.1)
    minitest (5.25.5)
    rake (13.3.0)
    rqrcode (3.1.0)
      chunky_png (~> 1.0)
      rqrcode_core (~> 2.0)
    rqrcode_core (2.0.0)
    simplecov (0.22.0)
      docile (~> 1.1)
      simplecov-html (~> 0.11)
      simplecov_json_formatter (~> 0.1)
    simplecov-html (0.13.1)
    simplecov_json_formatter (0.1.4)

PLATFORMS
  ruby

DEPENDENCIES
  girocode!
  minitest
  rake
  simplecov

BUNDLED WITH
   2.6.8
